GEM
  remote: https://rubygems.org/
  specs:
    delighted (1.3.0)
      multi_json
    dotenv (1.0.2)
    httparty (0.13.3)
      json (~> 1.8)
      multi_xml (>= 0.5.2)
    json (1.8.2)
    multi_json (1.10.1)
    multi_xml (0.5.5)
    redis (3.2.0)

PLATFORMS
  ruby

DEPENDENCIES
  delighted
  dotenv
  httparty
  redis
